GEM
  remote: https://rubygems.org/
  specs:
    addressable (2.6.0)
      public_suffix (>= 2.0.2, < 4.0)
    buftok (0.2.0)
    byebug (11.0.1)
    coderay (1.1.2)
    concurrent-ruby (1.1.5)
    diff-lcs (1.3)
    domain_name (0.5.20180417)
      unf (>= 0.0.5, < 1.0.0)
    dotenv (2.7.2)
    equalizer (0.0.11)
    ffi (1.11.1)
    http (3.3.0)
      addressable (~> 2.3)
      http-cookie (~> 1.0)
      http-form_data (~> 2.0)
      http_parser.rb (~> 0.6.0)
    http-cookie (1.0.3)
      domain_name (~> 0.5)
    http-form_data (2.1.1)
    http_parser.rb (0.6.0)
    i18n (0.9.5)
      concurrent-ruby (~> 1.0)
    mail (2.7.1)
      mini_mime (>= 0.1.1)
    memoizable (0.4.2)
      thread_safe (~> 0.3, >= 0.3.1)
    method_source (0.9.2)
    mime-types (3.2.2)
      mime-types-data (~> 3.2015)
    mime-types-data (3.2019.0331)
    mini_mime (1.0.1)
    moneta (1.0.0)
    mp3info (0.8.5)
      ruby-mp3info (>= 0.8.5)
    multipart-post (2.1.1)
    mustermann (1.0.3)
    naught (1.1.0)
    padrino (0.14.4)
      padrino-admin (= 0.14.4)
      padrino-cache (= 0.14.4)
      padrino-core (= 0.14.4)
      padrino-gen (= 0.14.4)
      padrino-helpers (= 0.14.4)
      padrino-mailer (= 0.14.4)
      padrino-support (= 0.14.4)
    padrino-admin (0.14.4)
      padrino-core (= 0.14.4)
      padrino-helpers (= 0.14.4)
    padrino-cache (0.14.4)
      moneta (~> 1.0.0)
      padrino-core (= 0.14.4)
      padrino-helpers (= 0.14.4)
    padrino-core (0.14.4)
      padrino-support (= 0.14.4)
      sinatra (>= 2.0.0)
      thor (~> 0.18)
    padrino-gen (0.14.4)
      bundler (~> 1.0)
      padrino-core (= 0.14.4)
    padrino-helpers (0.14.4)
      i18n (~> 0.6, >= 0.6.7)
      padrino-support (= 0.14.4)
      tilt (>= 1.4.1, < 3)
    padrino-mailer (0.14.4)
      mail (~> 2.5)
      mime-types (< 4)
      padrino-core (= 0.14.4)
    padrino-support (0.14.4)
    pry (0.12.2)
      coderay (~> 1.1.0)
      method_source (~> 0.9.0)
    pry-byebug (3.7.0)
      byebug (~> 11.0)
      pry (~> 0.10)
    public_suffix (3.0.3)
    rack (2.0.7)
    rack-protection (2.0.5)
      rack
    rack-test (1.1.0)
      rack (>= 1.0, < 3)
    rake (12.3.2)
    rspec (3.8.0)
      rspec-core (~> 3.8.0)
      rspec-expectations (~> 3.8.0)
      rspec-mocks (~> 3.8.0)
    rspec-core (3.8.0)
      rspec-support (~> 3.8.0)
    rspec-expectations (3.8.3)
      diff-lcs (>= 1.2.0, < 2.0)
      rspec-support (~> 3.8.0)
    rspec-mocks (3.8.0)
      diff-lcs (>= 1.2.0, < 2.0)
      rspec-support (~> 3.8.0)
    rspec-support (3.8.0)
    ruby-mp3info (0.8.10)
    sassc (2.0.1)
      ffi (~> 1.9)
      rake
    simple_oauth (0.3.1)
    sinatra (2.0.5)
      mustermann (~> 1.0)
      rack (~> 2.0)
      rack-protection (= 2.0.5)
      tilt (~> 2.0)
    sitespec (1.2.1)
      rack-test
      rspec (>= 3.0.0)
    slim (4.0.1)
      temple (>= 0.7.6, < 0.9)
      tilt (>= 2.0.6, < 2.1)
    temple (0.8.1)
    thor (0.20.3)
    thread_safe (0.3.6)
    tilt (2.0.9)
    twitter (6.2.0)
      addressable (~> 2.3)
      buftok (~> 0.2.0)
      equalizer (~> 0.0.11)
      http (~> 3.0)
      http-form_data (~> 2.0)
      http_parser.rb (~> 0.6.0)
      memoizable (~> 0.4.0)
      multipart-post (~> 2.0)
      naught (~> 1.0)
      simple_oauth (~> 0.3.0)
    unf (0.1.4)
      unf_ext
    unf_ext (0.0.7.6)

PLATFORMS
  ruby

DEPENDENCIES
  dotenv
  mp3info
  padrino (~> 0.14.4)
  pry
  pry-byebug
  rake
  sassc
  sitespec
  slim
  twitter

BUNDLED WITH
   1.17.2
